GEM
  remote: https://rubygems.org/
  specs:
    bcrypt (3.1.18)

PLATFORMS
  ruby

DEPENDENCIES
  bcrypt (~> 3.1)

BUNDLED WITH
   2.1.4
